GEM
  remote: https://rubygems.org/
  specs:
    mysql2 (0.3.17)
    mysql2-cs-bind (0.0.6)
      mysql2
    redis (3.1.0)

PLATFORMS
  ruby

DEPENDENCIES
  mysql2-cs-bind
  redis
